PATH
  remote: .
  specs:
    msfrpc-simple (0.0.4)
      msfrpc-client

GEM
  specs:
    librex (0.0.68)
    msfrpc-client (1.0.1)
      librex (>= 0.0.32)
      msgpack (>= 0.4.5)
    msgpack (0.5.1)

PLATFORMS
  ruby

DEPENDENCIES
  msfrpc-simple!
